GIT
  remote: git://github.com/sinatra/sinatra.git
  revision: 27d1716c7388db9f3c07d07c8b0c3c285d5caf42
  specs:
    sinatra (1.4.5)
      rack (~> 1.4)
      rack-protection (~> 1.4)
      tilt (>= 1.3, < 3)

GEM
  remote: https://rubygems.org/
  specs:
    activemodel (3.2.21)
      activesupport (= 3.2.21)
      builder (~> 3.0.0)
    activerecord (3.2.21)
      activemodel (= 3.2.21)
      activesupport (= 3.2.21)
      arel (~> 3.0.2)
      tzinfo (~> 0.3.29)
    activesupport (3.2.21)
      i18n (~> 0.6, >= 0.6.4)
      multi_json (~> 1.0)
    arel (3.0.3)
    builder (3.0.4)
    haml (4.0.6)
      tilt
    i18n (0.7.0)
    multi_json (1.10.1)
    rack (1.6.0)
    rack-protection (1.5.3)
      rack
    rake (10.4.2)
    sinatra-activerecord (2.0.4)
      activerecord (>= 3.2)
      sinatra (~> 1.0)
    sqlite3 (1.3.10)
    tilt (2.0.1)
    tzinfo (0.3.42)

PLATFORMS
  ruby

DEPENDENCIES
  activerecord (~> 3.0)
  haml
  rake
  sinatra!
  sinatra-activerecord
  sqlite3
